GEM
  remote: http://rubygems.org/
  specs:
    crack (0.1.8)
    fakeweb (1.3.0)
    httparty (0.7.8)
      crack (= 0.1.8)
    metaclass (0.0.1)
    mocha (0.10.0)
      metaclass (~> 0.0.1)

PLATFORMS
  ruby

DEPENDENCIES
  fakeweb
  httparty
  mocha
