GEM
  remote: http://rubygems.org/
  specs:
    fakeweb (1.3.0)
    httparty (0.8.1)
      multi_json
      multi_xml
    metaclass (0.0.1)
    mocha (0.10.0)
      metaclass (~> 0.0.1)
    multi_json (1.0.4)
    multi_xml (0.4.1)

PLATFORMS
  ruby

DEPENDENCIES
  fakeweb
  httparty
  mocha
